PATH
  remote: ../loveos-common
  specs:
    loveos-common (0.0.2)
      activesupport
      colorize
      curb
      json
      nokogiri
      parallel

PATH
  remote: ../loveos-sinatra_base
  specs:
    loveos-sinatra_base (0.0.1)
      loveos-common
      sinatra
      sinatra-contrib

GEM
  remote: http://rubygems.org/
  specs:
    activesupport (3.2.11)
      i18n (~> 0.6)
      multi_json (~> 1.0)
    backports (2.6.5)
    colorize (0.5.8)
    curb (0.8.3)
    diff-lcs (1.1.3)
    eventmachine (1.0.0)
    guard (1.3.3)
      listen (>= 0.4.2)
      thor (>= 0.14.6)
    guard-rspec (2.1.2)
      guard (>= 1.1)
      rspec (~> 2.11)
    i18n (0.6.1)
    json (1.7.6)
    listen (0.6.0)
    multi_json (1.5.0)
    nokogiri (1.5.6)
    parallel (0.6.1)
    rack (1.5.0)
    rack-protection (1.3.2)
      rack
    rack-test (0.6.2)
      rack (>= 1.0)
    racksh (1.0.0)
      rack (>= 1.0)
      rack-test (>= 0.5)
    rb-fsevent (0.9.2)
    rspec (2.12.0)
      rspec-core (~> 2.12.0)
      rspec-expectations (~> 2.12.0)
      rspec-mocks (~> 2.12.0)
    rspec-core (2.12.0)
    rspec-expectations (2.12.0)
      diff-lcs (~> 1.1.3)
    rspec-mocks (2.12.0)
    sinatra (1.3.3)
      rack (~> 1.3, >= 1.3.6)
      rack-protection (~> 1.2)
      tilt (~> 1.3, >= 1.3.3)
    sinatra-contrib (1.3.2)
      backports (>= 2.0)
      eventmachine
      rack-protection
      rack-test
      sinatra (~> 1.3.0)
      tilt (~> 1.3)
    thor (0.16.0)
    tilt (1.3.3)

PLATFORMS
  ruby

DEPENDENCIES
  guard (~> 1.3.2)
  guard-rspec (~> 2.1.1)
  loveos-common!
  loveos-sinatra_base!
  racksh
  rb-fsevent (~> 0.9.1)
  rspec
